GEM
  remote: https://rubygems.org/
  specs:
    cgi (0.5.0)
    dry-inflector (1.2.0)
    erb (4.0.4)
      cgi (>= 0.3.3)
    faraday (2.14.0)
      faraday-net_http (>= 2.0, < 3.5)
      json
      logger
    faraday-net_http (3.4.1)
      net-http (>= 0.5.0)
    json (2.15.1)
    logger (1.7.0)
    minitest (5.26.0)
    mocha (2.7.1)
      ruby2_keywords (>= 0.0.5)
    net-http (0.6.0)
      uri
    nokogiri (1.18.10-x86_64-linux-gnu)
      racc (~> 1.4)
    openapi_parser (2.3.0)
    racc (1.8.1)
    rake (13.3.0)
    ruby2_keywords (0.0.5)
    stellar-erb (0.1.1)
      erb (~> 4.0)
    uri (1.0.4)

PLATFORMS
  x86_64-linux

DEPENDENCIES
  dry-inflector (~> 1.0)
  faraday (~> 2.7)
  minitest (~> 5.18)
  mocha (~> 2.1)
  nokogiri (~> 1.15)
  openapi_parser (~> 2.3)
  rake (~> 13.0)
  stellar-erb (~> 0.1)

BUNDLED WITH
   2.7.1
